GEM
  remote: https://ruby.taobao.org/
  specs:
    haml (4.0.4)
      tilt
    jadeite (0.0.9)
      therubyracer
    json (1.8.1)
    libv8 (3.16.14.7)
    rack (1.5.2)
    rack-protection (1.5.1)
      rack
    ref (1.0.5)
    sass (3.2.13)
    sinatra (1.4.4)
      rack (~> 1.4)
      rack-protection (~> 1.4)
      tilt (~> 1.3, >= 1.3.4)
    therubyracer (0.12.1)
      libv8 (~> 3.16.14.0)
      ref
    tilt (1.4.1)
    tilt-jadeite (0.0.9)
      jadeite (~> 0.0.8)
      tilt

PLATFORMS
  ruby

DEPENDENCIES
  haml (~> 4.0.4)
  json (~> 1.8.1)
  sass (~> 3.2.13)
  sinatra
  tilt-jadeite
